PATH
  remote: .
  specs:
    linggle (0.02)
      colorize (~> 0.8.0)

GEM
  remote: https://gems.ruby-china.org/
  specs:
    colorize (0.8.1)
    diff-lcs (1.3)
    rake (10.5.0)
    rspec (3.5.0)
      rspec-core (~> 3.5.0)
      rspec-expectations (~> 3.5.0)
      rspec-mocks (~> 3.5.0)
    rspec-core (3.5.4)
      rspec-support (~> 3.5.0)
    rspec-expectations (3.5.0)
      diff-lcs (>= 1.2.0, < 2.0)
      rspec-support (~> 3.5.0)
    rspec-mocks (3.5.0)
      diff-lcs (>= 1.2.0, < 2.0)
      rspec-support (~> 3.5.0)
    rspec-support (3.5.0)

PLATFORMS
  ruby

DEPENDENCIES
  bundler (~> 1.16.a)
  linggle!
  rake (~> 10.0)
  rspec (~> 3.0)

BUNDLED WITH
   1.16.1
